GEM
  remote: http://rubygems.org/
  specs:
    bluecloth (2.1.0)
    rake (0.8.7)
    rspec (1.3.2)
    simplecov (0.4.2)
      simplecov-html (~> 0.4.4)
    simplecov-html (0.4.5)
    yard (0.7.2)
    yard-rspec (0.1)
      yard

PLATFORMS
  ruby

DEPENDENCIES
  bluecloth (>= 2.0.5)
  rake (~> 0.8.7)
  rspec (~> 1.3.0)
  simplecov (>= 0.4.2)
  yard (>= 0.5.4)
  yard-rspec (>= 0.1.0)
